GIT
  remote: git://github.com/coorasse/client_side_validations-simple_form.git
  revision: 5f389185096e6513a21c0848aa8be6eec28eb252
  specs:
    client_side_validations-simple_form (2.1.0)
      client_side_validations (~> 4.0)
      simple_form (~> 3.0.0)

GIT
  remote: git://github.com/coorasse/client_side_validations.git
  revision: 94e61679cd1e70180bd1ba27fbd55410d12548e0
  branch: 4-0-beta
  specs:
    client_side_validations (4.0)

GIT
  remote: git://github.com/coorasse/devise_traceable.git
  revision: 02d6d348b2a97938faada8cee1862848f3398530
  specs:
    devise_traceable (0.0.8)

GIT
  remote: git://github.com/coorasse/sunspot-queue.git
  revision: 7d94d3b743666d0d3de51c0f3a6792fe44e4343f
  specs:
    sunspot-queue (0.10.2)
      sunspot_rails (>= 1.3.0)

GIT
  remote: git://github.com/coorasse/timezone.git
  revision: e0f42830c80f72eae319279ffe9f6d6128b26ad8
  specs:
    timezone (0.2.2)

GIT
  remote: git://github.com/coorasse/vote-schulze.git
  revision: 0f47cbbe6c1e0020369fb6071a1a73bf93bbf7f7
  specs:
    vote-schulze (0.2.0)

GIT
  remote: git://github.com/getsentry/raven-ruby.git
  revision: a941de6dee4ecdb38f7ce57d3d724bf28f928355
  specs:
    sentry-raven (0.12.0)
      faraday (>= 0.7.6)

GIT
  remote: git://github.com/johnantoni/foundation-rails.git
  revision: 254b4c03407e567ab14238440962433c36585685
  branch: foundation-5.4.7
  specs:
    foundation-rails (5.4.7.0)
      railties (>= 3.1.0)
      sass (>= 3.2.0)

GIT
  remote: git://github.com/jwachira/sunspot-rails-http-basic-auth.git
  revision: d8b4069568be1863d04704af3fbba874167a9dee
  specs:
    sunspot-rails-http-basic-auth (0.0.4)
      sunspot_rails

GEM
  remote: http://rubygems.org/
  specs:
    actionmailer (4.0.2)
      actionpack (= 4.0.2)
      mail (~> 2.5.4)
    actionpack (4.0.2)
      activesupport (= 4.0.2)
      builder (~> 3.1.0)
      erubis (~> 2.7.0)
      rack (~> 1.5.2)
      rack-test (~> 0.6.2)
    activemodel (4.0.2)
      activesupport (= 4.0.2)
      builder (~> 3.1.0)
    activerecord (4.0.2)
      activemodel (= 4.0.2)
      activerecord-deprecated_finders (~> 1.0.2)
      activesupport (= 4.0.2)
      arel (~> 4.0.0)
    activerecord-deprecated_finders (1.0.3)
    activerecord-session_store (0.1.0)
      actionpack (>= 4.0.0, < 5)
      activerecord (>= 4.0.0, < 5)
      railties (>= 4.0.0, < 5)
    activesupport (4.0.2)
      i18n (~> 0.6, >= 0.6.4)
      minitest (~> 4.2)
      multi_json (~> 1.3)
      thread_safe (~> 0.1)
      tzinfo (~> 0.3.37)
    addressable (2.3.6)
    arel (4.0.2)
    aws-sdk (1.50.0)
      json (~> 1.4)
      nokogiri (>= 1.4.4)
    bcrypt (3.1.7)
    better_errors (1.1.0)
      coderay (>= 1.0.0)
      erubis (>= 2.6.6)
    builder (3.1.4)
    bullet (4.9.0)
      activesupport
      uniform_notifier (~> 1.6.0)
    cancancan (1.9.1)
    capistrano (3.2.1)
      i18n
      rake (>= 10.0.0)
      sshkit (~> 1.3)
    capistrano-bundler (1.1.2)
      capistrano (~> 3.0)
      sshkit (~> 1.2)
    capistrano-rails (1.1.1)
      capistrano (~> 3.1)
      capistrano-bundler (~> 1.1)
    capistrano-sidekiq (0.3.3)
      capistrano
      sidekiq
    capybara (2.4.4)
      mime-types (>= 1.16)
      nokogiri (>= 1.3.3)
      rack (>= 1.0.0)
      rack-test (>= 0.5.4)
      xpath (~> 2.0)
    capybara-screenshot (0.3.19)
      capybara (>= 1.0, < 3)
      launchy
    capybara-webkit (1.3.0)
      capybara (>= 2.0.2, < 2.5.0)
      json
    celluloid (0.16.0)
      timers (~> 4.0.0)
    celluloid-io (0.15.0)
      celluloid (>= 0.15.0)
      nio4r (>= 0.5.0)
    childprocess (0.5.3)
      ffi (~> 1.0, >= 1.0.11)
    ckeditor (4.1.0)
      mime-types
      orm_adapter (~> 0.5.0)
    climate_control (0.0.3)
      activesupport (>= 3.0)
    cocaine (0.5.4)
      climate_control (>= 0.0.3, < 1.0)
    coderay (1.1.0)
    coffee-rails (4.0.1)
      coffee-script (>= 2.2.0)
      railties (>= 4.0.0, < 5.0)
    coffee-script (2.2.0)
      coffee-script-source
      execjs
    coffee-script-source (1.7.0)
    connection_pool (2.1.0)
    cookiejar (0.3.2)
    crowdin-api (0.2.0)
      rest-client (>= 1.6.7)
    css_parser (1.3.5)
      addressable
    daemons (1.1.9)
    database_cleaner (1.3.0)
    devise (3.2.4)
      bcrypt (~> 3.0)
      orm_adapter (~> 0.1)
      railties (>= 3.2.6, < 5)
      thread_safe (~> 0.1)
      warden (~> 1.2.3)
    diff-lcs (1.2.5)
    easy_translate (0.5.0)
      json
      thread
      thread_safe
    el_finder (1.1.11)
      image_size (>= 1.0.0)
    em-http-request (1.1.2)
      addressable (>= 2.3.4)
      cookiejar
      em-socksify (>= 0.3)
      eventmachine (>= 1.0.3)
      http_parser.rb (>= 0.6.0)
    em-socksify (0.3.0)
      eventmachine (>= 1.0.0.beta.4)
    email_reply_parser (0.5.5)
    erubis (2.7.0)
    eventmachine (1.0.3)
    execjs (2.0.2)
    factory_girl (4.4.0)
      activesupport (>= 3.0.0)
    factory_girl_rails (4.4.1)
      factory_girl (~> 4.4.0)
      railties (>= 3.0.0)
    faker (1.3.0)
      i18n (~> 0.5)
    faraday (0.9.0)
      multipart-post (>= 1.2, < 3)
    faye (1.0.1)
      cookiejar (>= 0.3.0)
      em-http-request (>= 0.3.0)
      eventmachine (>= 0.12.0)
      faye-websocket (>= 0.7.0)
      multi_json (>= 1.0.0)
      rack (>= 1.0.0)
      websocket-driver (>= 0.3.0)
    faye-websocket (0.7.3)
      eventmachine (>= 0.12.0)
      websocket-driver (>= 0.3.1)
    ffi (1.9.3)
    figaro (1.1.0)
      thor (~> 0.14)
    font-awesome-rails (4.2.0.0)
      railties (>= 3.2, < 5.0)
    foreigner (1.6.1)
      activerecord (>= 3.0.0)
    friendly_id (5.0.3)
      activerecord (>= 4.0.0)
    gemoji (1.5.0)
    geocoder (1.2.0)
    globalize (4.0.1)
      activemodel (>= 4.0.0, < 5)
      activerecord (>= 4.0.0, < 5)
    hashie (2.1.1)
    highline (1.6.21)
    hike (1.2.3)
    hitimes (1.2.2)
    htmlentities (4.3.1)
    http_parser.rb (0.6.0)
    httparty (0.13.1)
      json (~> 1.8)
      multi_xml (>= 0.5.2)
    i18n (0.7.0)
    i18n-tasks (0.7.7)
      activesupport
      easy_translate (>= 0.5.0)
      erubis
      highline
      i18n
      slop (>= 3.5.0)
      term-ansicolor
      terminal-table
    icalendar (2.0.1)
    ice_cube (0.11.1)
    image_size (1.3.0)
    jbuilder (1.5.3)
      activesupport (>= 3.0.0)
      multi_json (>= 1.2.0)
    jquery-rails (3.1.0)
      railties (>= 3.0, < 5.0)
      thor (>= 0.14, < 2.0)
    json (1.8.1)
    jwt (0.1.11)
      multi_json (>= 1.5)
    kaminari (0.15.1)
      actionpack (>= 3.0.0)
      activesupport (>= 3.0.0)
    koala (1.8.0)
      addressable
      faraday
      multi_json
    launchy (2.4.2)
      addressable (~> 2.3)
    libv8 (3.16.14.3)
    listen (2.7.4)
      celluloid (>= 0.15.2)
      celluloid-io (>= 0.15.0)
      rb-fsevent (>= 0.9.3)
      rb-inotify (>= 0.9)
    mail (2.5.4)
      mime-types (~> 1.16)
      treetop (~> 1.4.8)
    maildir (2.1.0)
    mailman (0.7.0)
      activesupport (>= 2.3.4)
      i18n (>= 0.4.1)
      listen (>= 0.4.1)
      mail (>= 2.0.3)
      maildir (>= 0.5.0)
    maktoub (0.3.1)
      nokogiri
      premailer
      rails (>= 3.1.1)
    mime-types (1.25.1)
    mini_portile (0.6.0)
    minitest (4.7.5)
    multi_json (1.10.1)
    multi_xml (0.5.5)
    multipart-post (2.0.0)
    net-scp (1.2.1)
      net-ssh (>= 2.6.5)
    net-ssh (2.9.1)
    nickname_generator (0.0.1)
    nio4r (1.0.0)
    nokogiri (1.6.3.1)
      mini_portile (= 0.6.0)
    oauth (0.4.7)
    oauth2 (0.9.3)
      faraday (>= 0.8, < 0.10)
      jwt (~> 0.1.8)
      multi_json (~> 1.3)
      multi_xml (~> 0.5)
      rack (~> 1.2)
    omniauth (1.2.1)
      hashie (>= 1.2, < 3)
      rack (~> 1.0)
    omniauth-facebook (1.6.0)
      omniauth-oauth2 (~> 1.1)
    omniauth-google-oauth2 (0.2.4)
      omniauth (~> 1.0)
      omniauth-oauth2 (~> 1.1)
    omniauth-linkedin (0.1.0)
      omniauth-oauth (~> 1.0)
    omniauth-meetup (0.0.7)
      omniauth (~> 1.0)
      omniauth-oauth2 (~> 1.0)
    omniauth-oauth (1.0.1)
      oauth
      omniauth (~> 1.0)
    omniauth-oauth2 (1.1.2)
      faraday (>= 0.8, < 0.10)
      multi_json (~> 1.3)
      oauth2 (~> 0.9.3)
      omniauth (~> 1.2)
    omniauth-twitter (1.0.1)
      multi_json (~> 1.3)
      omniauth-oauth (~> 1.0)
    orm_adapter (0.5.0)
    paper_trail (3.0.1)
      activerecord (>= 3.0, < 5.0)
      activesupport (>= 3.0, < 5.0)
    paperclip (4.1.1)
      activemodel (>= 3.0.0)
      activesupport (>= 3.0.0)
      cocaine (~> 0.5.3)
      mime-types
    pg (0.17.1)
    polyglot (0.3.5)
    pr_geohash (1.0.0)
    premailer (1.8.2)
      css_parser (>= 1.3.5)
      htmlentities (>= 4.0.0)
    private_pub (1.0.3)
      faye
    quiet_assets (1.0.2)
      railties (>= 3.1, < 5.0)
    rack (1.5.2)
    rack-protection (1.5.3)
      rack
    rack-test (0.6.3)
      rack (>= 1.0)
    rails (4.0.2)
      actionmailer (= 4.0.2)
      actionpack (= 4.0.2)
      activerecord (= 4.0.2)
      activesupport (= 4.0.2)
      bundler (>= 1.3.0, < 2.0)
      railties (= 4.0.2)
      sprockets-rails (~> 2.0.0)
    rails_autolink (1.1.5)
      rails (> 3.1)
    railties (4.0.2)
      actionpack (= 4.0.2)
      activesupport (= 4.0.2)
      rake (>= 0.8.7)
      thor (>= 0.18.1, < 2.0)
    rake (10.4.2)
    rb-fsevent (0.9.4)
    rb-inotify (0.9.4)
      ffi (>= 0.5.0)
    rdoc (4.1.1)
      json (~> 1.4)
    recaptcha (0.3.6)
    redcarpet (3.1.1)
    redis (3.1.0)
    redis-namespace (1.5.1)
      redis (~> 3.0, >= 3.0.4)
    ref (1.0.5)
    rest-client (1.6.7)
      mime-types (>= 1.16)
    rotp (1.6.1)
    rsolr (1.0.10)
      builder (>= 2.1.2)
    rspec-core (3.0.4)
      rspec-support (~> 3.0.0)
    rspec-expectations (3.0.4)
      diff-lcs (>= 1.2.0, < 2.0)
      rspec-support (~> 3.0.0)
    rspec-mocks (3.0.4)
      rspec-support (~> 3.0.0)
    rspec-rails (3.0.2)
      actionpack (>= 3.0)
      activesupport (>= 3.0)
      railties (>= 3.0)
      rspec-core (~> 3.0.0)
      rspec-expectations (~> 3.0.0)
      rspec-mocks (~> 3.0.0)
      rspec-support (~> 3.0.0)
    rspec-support (3.0.4)
    ruby-prof (0.15.0)
    rubyzip (1.1.3)
    rvm1-capistrano3 (1.2.4)
      capistrano (~> 3.0)
      sshkit (>= 1.2)
    sanitize (2.1.0)
      nokogiri (>= 1.4.4)
    sass (3.2.19)
    sass-rails (4.0.3)
      railties (>= 4.0.0, < 5.0)
      sass (~> 3.2.0)
      sprockets (~> 2.8, <= 2.11.0)
      sprockets-rails (~> 2.0)
    sdoc (0.4.0)
      json (~> 1.8)
      rdoc (~> 4.0, < 5.0)
    select2-rails (3.5.7)
      thor (~> 0.14)
    selenium-webdriver (2.42.0)
      childprocess (>= 0.5.0)
      multi_json (~> 1.0)
      rubyzip (~> 1.0)
      websocket (~> 1.0.4)
    sidekiq (3.3.0)
      celluloid (>= 0.16.0)
      connection_pool (>= 2.0.0)
      json
      redis (>= 3.0.6)
      redis-namespace (>= 1.3.1)
    sidekiq-failures (0.4.3)
      sidekiq (>= 2.16.0)
    sidetiq (0.6.3)
      celluloid (>= 0.14.1)
      ice_cube (= 0.11.1)
      sidekiq (>= 3.0.0)
    simple_form (3.0.2)
      actionpack (~> 4.0)
      activemodel (~> 4.0)
    sinatra (1.4.5)
      rack (~> 1.4)
      rack-protection (~> 1.4)
      tilt (~> 1.3, >= 1.3.4)
    sitemap_generator (5.0.2)
      builder
    slop (3.6.0)
    spring (1.1.3)
    sprockets (2.11.0)
      hike (~> 1.2)
      multi_json (~> 1.0)
      rack (~> 1.0)
      tilt (~> 1.1, != 1.3.0)
    sprockets-rails (2.0.1)
      actionpack (>= 3.0)
      activesupport (>= 3.0)
      sprockets (~> 2.8)
    sshkit (1.3.0)
      net-scp (>= 1.1.2)
      net-ssh
      term-ansicolor
    sunspot (2.1.1)
      pr_geohash (~> 1.0)
      rsolr (~> 1.0.7)
    sunspot_rails (2.1.1)
      nokogiri
      rails (>= 3)
      sunspot (= 2.1.1)
    sunspot_solr (2.1.0)
    sunspot_test (0.4.0)
      sunspot_rails (>= 1.2.1)
    term-ansicolor (1.3.0)
      tins (~> 1.0)
    terminal-table (1.4.5)
    test-unit (2.5.5)
    therubyracer (0.12.1)
      libv8 (~> 3.16.14.0)
      ref
    thin (1.6.2)
      daemons (>= 1.0.9)
      eventmachine (>= 1.0.0)
      rack (>= 1.0.0)
    thor (0.19.1)
    thread (0.1.4)
    thread_safe (0.3.4)
    tilt (1.4.1)
    timers (4.0.1)
      hitimes
    tins (1.3.2)
    treetop (1.4.15)
      polyglot
      polyglot (>= 0.3.1)
    truncate_html (0.9.3)
    turbolinks (2.2.2)
      coffee-rails
    turnout (0.3.0)
      nokogiri (~> 1.3)
      rack
    tzinfo (0.3.43)
    uglifier (2.5.0)
      execjs (>= 0.3.0)
      json (>= 1.8.0)
    uniform_notifier (1.6.1)
    warden (1.2.3)
      rack (>= 1.0)
    websocket (1.0.7)
    websocket-driver (0.3.3)
    wicked_pdf (0.10.2)
      rails
    workflow (1.1.0)
    xmpp4r (0.5.6)
    xmpp4r_facebook (0.1.1)
      xmpp4r
    xpath (2.0.0)
      nokogiri (~> 1.3)

PLATFORMS
  ruby

DEPENDENCIES
  activerecord-session_store
  aws-sdk
  better_errors
  bullet
  cancancan (~> 1.9)
  capistrano (~> 3.2.0)
  capistrano-bundler (~> 1.1.2)
  capistrano-rails (~> 1.1)
  capistrano-sidekiq
  capybara
  capybara-screenshot
  capybara-webkit
  ckeditor
  client_side_validations!
  client_side_validations-simple_form!
  coffee-rails (~> 4.0.0)
  crowdin-api
  database_cleaner
  devise
  devise_traceable!
  el_finder
  email_reply_parser
  factory_girl_rails
  faker
  figaro
  font-awesome-rails
  foreigner
  foundation-rails!
  friendly_id
  gemoji
  geocoder
  globalize (~> 4.0.0)
  httparty
  i18n-tasks (~> 0.7.7)
  icalendar
  jbuilder (~> 1.2)
  jquery-rails
  kaminari
  koala (~> 1.8.0rc1)
  mailman
  maktoub
  nickname_generator
  omniauth-facebook
  omniauth-google-oauth2
  omniauth-linkedin
  omniauth-meetup
  omniauth-twitter
  paper_trail (~> 3.0.0)
  paperclip
  pg
  private_pub
  quiet_assets
  rails (= 4.0.2)
  rails_autolink
  recaptcha
  redcarpet
  rotp
  rspec-rails (~> 3.0.0)
  ruby-prof
  rubyzip
  rvm1-capistrano3
  sanitize
  sass-rails (~> 4.0.0)
  sdoc
  select2-rails
  selenium-webdriver
  sentry-raven!
  sidekiq
  sidekiq-failures
  sidetiq
  simple_form
  sinatra (>= 1.3.0)
  sitemap_generator
  spring
  sshkit (= 1.3.0)
  sunspot-queue!
  sunspot-rails-http-basic-auth!
  sunspot_rails
  sunspot_solr
  sunspot_test
  test-unit
  therubyracer
  thin
  timezone!
  truncate_html
  turbolinks
  turnout
  uglifier (>= 1.3.0)
  vote-schulze!
  wicked_pdf
  workflow
  xmpp4r_facebook
